GEM
  remote: https://rubygems.org/
  specs:
    base64 (0.1.1)
    event_stream_parser (0.3.0)
    faraday (2.7.11)
      base64
      faraday-net_http (>= 2.0, < 3.1)
      ruby2_keywords (>= 0.0.4)
    faraday-multipart (1.0.4)
      multipart-post (~> 2)
    faraday-net_http (3.0.2)
    google-protobuf (3.25.0-arm64-darwin)
    googleapis-common-protos-types (1.9.0)
      google-protobuf (~> 3.18)
    multipart-post (2.3.0)
    opentelemetry-api (1.2.3)
    opentelemetry-common (0.20.0)
      opentelemetry-api (~> 1.0)
    opentelemetry-exporter-otlp (0.26.1)
      google-protobuf (~> 3.14)
      googleapis-common-protos-types (~> 1.3)
      opentelemetry-api (~> 1.1)
      opentelemetry-common (~> 0.20)
      opentelemetry-sdk (~> 1.2)
      opentelemetry-semantic_conventions
    opentelemetry-registry (0.3.0)
      opentelemetry-api (~> 1.1)
    opentelemetry-sdk (1.3.1)
      opentelemetry-api (~> 1.1)
      opentelemetry-common (~> 0.20)
      opentelemetry-registry (~> 0.2)
      opentelemetry-semantic_conventions
    opentelemetry-semantic_conventions (1.10.0)
      opentelemetry-api (~> 1.0)
    opentelemetry-semantic_conventions_ai (0.0.3)
      opentelemetry-api (~> 1.0)
    ruby-openai (5.2.0)
      event_stream_parser (>= 0.3.0, < 1.0.0)
      faraday (>= 1)
      faraday-multipart (>= 1)
    ruby2_keywords (0.0.5)
    traceloop-sdk (0.0.1)
      opentelemetry-exporter-otlp (~> 0.26.1)
      opentelemetry-sdk (~> 1.3.1)
      opentelemetry-semantic_conventions_ai (~> 0.0.3)

PLATFORMS
  arm64-darwin-23

DEPENDENCIES
  ruby-openai
  traceloop-sdk

BUNDLED WITH
   2.4.10
